PATH
  remote: .
  specs:
    copybar (0.0.1)

GEM
  remote: http://rubygems.org/
  specs:
    columnize (0.3.6)
    debugger (1.2.0)
      columnize (>= 0.3.1)
      debugger-linecache (~> 1.1.1)
      debugger-ruby_core_source (~> 1.1.3)
    debugger-linecache (1.1.2)
      debugger-ruby_core_source (>= 1.1.1)
    debugger-ruby_core_source (1.1.3)
    json (1.6.4)
    rake (0.9.2.2)

PLATFORMS
  ruby

DEPENDENCIES
  copybar!
  debugger
  json
  rake
